GEM
  remote: https://rubygems.org/
  specs:
    POpen4 (0.1.4)
      Platform (>= 0.4.0)
      open4
    Platform (0.4.0)
    RedCloth (4.2.9)
    asciidoctor (0.1.4)
    awestruct (0.5.3)
      bootstrap-sass (>= 2.3.1.0)
      compass (>= 0.12.1)
      compass-960-plugin (~> 0.10.4)
      git (~> 1.2.5)
      haml (~> 4.0.1)
      listen (>= 0.7.3)
      nokogiri (= 1.5.10)
      rack (~> 1.5.2)
      rest-client (>= 1.6.7)
      ruby-s3cmd (~> 0.1.5)
      tilt (>= 1.3.6)
      zurb-foundation (>= 4.0.9)
    bootstrap-sass (3.1.1.0)
      sass (~> 3.2)
    celluloid (0.15.2)
      timers (~> 1.1.0)
    celluloid-io (0.15.0)
      celluloid (>= 0.15.0)
      nio4r (>= 0.5.0)
    chunky_png (1.3.0)
    coffee-script (2.2.0)
      coffee-script-source
      execjs
    coffee-script-source (1.7.0)
    compass (0.12.4)
      chunky_png (~> 1.2)
      fssm (>= 0.2.7)
      sass (~> 3.2.17)
    compass-960-plugin (0.10.4)
      compass (>= 0.10.0)
    execjs (2.0.2)
    ffi (1.9.3)
    fssm (0.2.10)
    git (1.2.6)
    haml (4.0.5)
      tilt
    haml-contrib (1.0.0.1)
      haml (>= 3.2.0.alpha.13)
    htmlcompressor (0.0.7)
      yui-compressor (~> 0.9.6)
    json (1.8.1)
    kramdown (1.3.3)
    libv8 (3.3.10.4)
    listen (1.3.1)
      celluloid (>= 0.15.2)
      celluloid-io (>= 0.15.0)
      rb-fsevent (>= 0.9.3)
      rb-inotify (>= 0.9)
    mime-types (2.2)
    nio4r (1.0.0)
    nokogiri (1.5.10)
    open4 (1.3.3)
    rack (1.5.2)
    rake (10.1.1)
    rb-fsevent (0.9.4)
    rb-inotify (0.9.3)
      ffi (>= 0.5.0)
    rest-client (1.6.7)
      mime-types (>= 1.16)
    ruby-s3cmd (0.1.5)
    sass (3.2.17)
    therubyracer (0.10.0)
      libv8 (~> 3.3.10)
    tilt (2.0.1)
    timers (1.1.0)
    uglifier (2.5.0)
      execjs (>= 0.3.0)
      json (>= 1.8.0)
    yui-compressor (0.9.6)
      POpen4 (>= 0.1.4)
    zurb-foundation (4.3.2)
      sass (>= 3.2.0)

PLATFORMS
  ruby

DEPENDENCIES
  RedCloth (>= 4.2.9)
  asciidoctor (>= 0.1.1)
  awestruct (>= 0.5.3)
  coffee-script (>= 2.2.0)
  haml-contrib
  htmlcompressor (>= 0.0.3)
  kramdown (>= 0.14.2)
  rake (>= 0.9.2)
  rb-inotify (>= 0.9.0)
  therubyracer (= 0.10.0)
  uglifier (>= 1.3.0)
